GEM
  remote: http://rubygems.org/
  specs:
    childprocess (1.0.1)
      rake (< 13.0)
    rake (12.3.2)
    regexp_parser (1.4.0)
    rubyzip (1.2.2)
    selenium-webdriver (3.142.0)
      childprocess (>= 0.5, < 2.0)
      rubyzip (~> 1.2, >= 1.2.2)
    watir (6.16.5)
      regexp_parser (~> 1.2)
      selenium-webdriver (~> 3.6)

PLATFORMS
  ruby

DEPENDENCIES
  watir (~> 6.16)

BUNDLED WITH
   1.17.2
